GEM
  remote: https://rubygems.org/
  specs:
    coderay (1.0.9)
    method_source (0.8.1)
    mini_portile (0.5.2)
    mustache (0.99.5)
    nokogiri (1.6.0)
      mini_portile (~> 0.5.0)
    pry (0.9.12.2)
      coderay (~> 1.0.5)
      method_source (~> 0.8)
      slop (~> 3.4)
    rack (1.5.2)
    rack-protection (1.5.1)
      rack
    sinatra (1.4.4)
      rack (~> 1.4)
      rack-protection (~> 1.4)
      tilt (~> 1.3, >= 1.3.4)
    slop (3.4.5)
    tilt (1.4.1)

PLATFORMS
  ruby

DEPENDENCIES
  mustache (~> 0.99)
  nokogiri (~> 1.6)
  pry
  sinatra (~> 1.4)
